GEM
  remote: https://rubygems.org/
  remote: https://rails-assets.org/
  specs:
    addressable (2.3.8)
    autoprefixer-rails (6.3.7)
      execjs
    babel-source (5.8.35)
    babel-transpiler (0.7.0)
      babel-source (>= 4.0, < 6)
      execjs (~> 2.0)
    blankslate (3.1.3)
    bootstrap-sass (3.3.6)
      autoprefixer-rails (>= 5.2.1)
      sass (>= 3.3.4)
    coffee-script (2.4.1)
      coffee-script-source
      execjs
    coffee-script-source (1.10.0)
    colorator (0.1)
    concurrent-ruby (1.0.2)
    execjs (2.7.0)
    fastimage (1.9.0)
      addressable (~> 2.3.5)
    ffi (1.9.14)
    jekyll (3.1.6)
      colorator (~> 0.1)
      jekyll-sass-converter (~> 1.0)
      jekyll-watch (~> 1.1)
      kramdown (~> 1.3)
      liquid (~> 3.0)
      mercenary (~> 0.3.3)
      rouge (~> 1.7)
      safe_yaml (~> 1.0)
    jekyll-angular (0.1.1)
      jekyll (>= 2)
    jekyll-assets (2.1.0)
      fastimage (~> 1.8)
      jekyll (~> 3.0)
      sprockets (~> 3.3)
      sprockets-helpers (~> 1.2)
      tilt (~> 2.0)
    jekyll-coffeescript (1.0.1)
      coffee-script (~> 2.2)
    jekyll-sass-converter (1.4.0)
      sass (~> 3.4)
    jekyll-sitemap (0.9.0)
    jekyll-watch (1.5.0)
      listen (~> 3.0, < 3.1)
    kramdown (1.11.1)
    libv8 (3.16.14.13)
    liquid (3.0.6)
    listen (3.0.8)
      rb-fsevent (~> 0.9, >= 0.9.4)
      rb-inotify (~> 0.9, >= 0.9.7)
    mercenary (0.3.6)
    mini_magick (4.5.1)
    parslet (1.7.1)
      blankslate (>= 2.0, <= 4.0)
    rack (2.0.1)
    rails-assets-bootstrap (3.3.6)
      rails-assets-jquery (>= 1.9.1, < 3)
    rails-assets-bootswatch (3.3.6.2)
      rails-assets-bootstrap (~> 3.3.6)
    rails-assets-bourbon (4.2.6)
    rails-assets-fancybox (3.0.47)
    rails-assets-flexboxgrid (6.3.0)
    rails-assets-jquery (2.2.3)
    rails-assets-jquery.scrollTo (2.1.2)
      rails-assets-jquery (>= 1.8)
    rails-assets-video.js (5.11.0)
    rails-assets-videojs (5.11.0)
    rails-assets-videojs-youtube (2.1.0)
      rails-assets-video.js (>= 5.0.0, < 6)
    rb-fsevent (0.9.7)
    rb-inotify (0.9.7)
      ffi (>= 0.5.0)
    rouge (1.11.1)
    safe_yaml (1.0.4)
    sass (3.4.22)
    sprockets (3.5.2)
      concurrent-ruby (~> 1.0)
      rack (> 1, < 3)
    sprockets-es6 (0.8.2)
      babel-source (>= 5.8.11)
      babel-transpiler
      sprockets (>= 3.0.0)
    sprockets-helpers (1.2.1)
      sprockets (>= 2.2)
    tilt (2.0.1)
    uglifier (3.0.0)
      execjs (>= 0.3.0, < 3)

PLATFORMS
  ruby

DEPENDENCIES
  autoprefixer-rails
  bootstrap-sass (~> 3.3.6)
  coffee-script
  jekyll
  jekyll-angular
  jekyll-assets (= 2.1.0)
  jekyll-coffeescript
  jekyll-sitemap (= 0.9.0)
  jekyll-watch
  libv8 (= 3.16.14.13)
  liquid (= 3.0.6)
  mini_magick
  parslet (= 1.7.1)
  rails-assets-bootswatch (~> 3.3.6)!
  rails-assets-bourbon (= 4.2.6)!
  rails-assets-fancybox (= 3.0.47)!
  rails-assets-flexboxgrid (= 6.3.0)!
  rails-assets-jquery (= 2.2.3)!
  rails-assets-jquery.scrollTo (= 2.1.2)!
  rails-assets-videojs (= 5.11.0)!
  rails-assets-videojs-youtube (= 2.1.0)!
  sass
  sprockets (= 3.5.2)
  sprockets-es6 (= 0.8.2)
  tilt (= 2.0.1)
  uglifier

RUBY VERSION
   ruby 2.3.0p0

BUNDLED WITH
   1.14.3
